GEM
  remote: https://rubygems.org/
  specs:
    mini_portile2 (2.4.0)
    nokogiri (1.10.7)
      mini_portile2 (~> 2.4.0)
    reverse_markdown (1.3.0)
      nokogiri

PLATFORMS
  ruby

DEPENDENCIES
  nokogiri
  reverse_markdown

BUNDLED WITH
   2.0.1
